PATH
  remote: .
  specs:
    procrastinate (0.5)
      cod (~> 0.5)
      state_machine (~> 1.1)

GEM
  remote: http://rubygems.org/
  specs:
    cod (0.5.0)
    coderay (1.0.8)
    diff-lcs (1.1.3)
    flexmock (1.2.0)
    growl (1.0.3)
    guard (1.5.4)
      listen (>= 0.4.2)
      lumberjack (>= 1.0.2)
      pry (>= 0.9.10)
      thor (>= 0.14.6)
    listen (0.6.0)
    lumberjack (1.0.2)
    method_source (0.8.1)
    pry (0.9.10)
      coderay (~> 1.0.5)
      method_source (~> 0.8)
      slop (~> 3.3.1)
    rake (10.0.3)
    rspec (2.12.0)
      rspec-core (~> 2.12.0)
      rspec-expectations (~> 2.12.0)
      rspec-mocks (~> 2.12.0)
    rspec-core (2.12.2)
    rspec-expectations (2.12.1)
      diff-lcs (~> 1.1.3)
    rspec-mocks (2.12.0)
    slop (3.3.3)
    state_machine (1.1.2)
    thor (0.16.0)
    yard (0.8.3)

PLATFORMS
  ruby

DEPENDENCIES
  flexmock
  growl
  guard
  procrastinate!
  rake
  rspec
  yard
