GEM
  remote: http://rubygems.org/
  specs:
    diff-lcs (1.1.3)
    flexmock (0.8.11)
    growl (1.0.3)
    guard (0.8.8)
      thor (~> 0.14.6)
    guard-rspec (0.5.8)
      guard (>= 0.8.4)
    json (1.6.1)
    nokogiri (1.5.0)
    rake (0.9.2.2)
    rb-fsevent (0.4.3.1)
    rdoc (3.9.4)
    rspec (2.7.0)
      rspec-core (~> 2.7.0)
      rspec-expectations (~> 2.7.0)
      rspec-mocks (~> 2.7.0)
    rspec-core (2.7.1)
    rspec-expectations (2.7.0)
      diff-lcs (~> 1.1.2)
    rspec-mocks (2.7.0)
    sanitize (2.0.3)
      nokogiri (>= 1.4.4, < 1.6)
    sdoc (0.3.11)
      json (>= 1.1.3)
      rdoc (~> 3)
      sanitize (~> 2)
    state_machine (0.9.4)
    thor (0.14.6)

PLATFORMS
  ruby

DEPENDENCIES
  flexmock
  growl
  guard
  guard-rspec
  rake
  rb-fsevent
  rspec
  sdoc
  state_machine
