PATH
  remote: .
  specs:
    procrastinate (0.4.1)
      cod (~> 0.4)
      state_machine (~> 0.9.4)

GEM
  remote: http://rubygems.org/
  specs:
    cod (0.4.1)
    diff-lcs (1.1.3)
    flexmock (0.8.11)
    growl (1.0.3)
    guard (0.8.8)
      thor (~> 0.14.6)
    rake (0.9.2.2)
    rspec (2.7.0)
      rspec-core (~> 2.7.0)
      rspec-expectations (~> 2.7.0)
      rspec-mocks (~> 2.7.0)
    rspec-core (2.7.1)
    rspec-expectations (2.7.0)
      diff-lcs (~> 1.1.2)
    rspec-mocks (2.7.0)
    state_machine (0.9.4)
    thor (0.14.6)

PLATFORMS
  ruby

DEPENDENCIES
  flexmock
  growl
  guard
  procrastinate!
  rake
  rspec
