GEM
  remote: http://rubygems.org/
  specs:
    diff-lcs (1.1.2)
    flexmock (0.8.11)
    rspec (2.2.0)
      rspec-core (~> 2.2)
      rspec-expectations (~> 2.2)
      rspec-mocks (~> 2.2)
    rspec-core (2.2.1)
    rspec-expectations (2.2.0)
      diff-lcs (~> 1.1.2)
    rspec-mocks (2.2.0)

PLATFORMS
  ruby

DEPENDENCIES
  flexmock
  rspec
